GEM
  remote: https://rubygems.org/
  specs:
    activesupport (6.0.3.2)
      concurrent-ruby (~> 1.0, >= 1.0.2)
      i18n (>= 0.7, < 2)
      minitest (~> 5.1)
      tzinfo (~> 1.1)
      zeitwerk (~> 2.2, >= 2.2.2)
    coderay (1.1.2)
    concurrent-ruby (1.1.6)
    dotenv (2.2.1)
    gtfs-realtime-bindings (0.0.5)
      protobuf (>= 3.0)
    i18n (1.8.3)
      concurrent-ruby (~> 1.0)
    method_source (0.9.0)
    middleware (0.1.0)
    minitest (5.14.1)
    protobuf (3.8.1)
      activesupport (>= 3.2)
      middleware
      thor
      thread_safe
    pry (0.11.3)
      coderay (~> 1.1.0)
      method_source (~> 0.9.0)
    thor (0.20.0)
    thread_safe (0.3.6)
    tzinfo (1.2.7)
      thread_safe (~> 0.1)
    zeitwerk (2.3.0)

PLATFORMS
  ruby

DEPENDENCIES
  dotenv
  gtfs-realtime-bindings
  pry

BUNDLED WITH
   1.16.1
