GEM
  remote: https://rubygems.org/
  specs:
    activesupport (5.1.4)
      concurrent-ruby (~> 1.0, >= 1.0.2)
      i18n (~> 0.7)
      minitest (~> 5.1)
      tzinfo (~> 1.1)
    coderay (1.1.2)
    concurrent-ruby (1.0.5)
    dotenv (2.2.1)
    gtfs-realtime-bindings (0.0.5)
      protobuf (>= 3.0)
    i18n (0.9.1)
      concurrent-ruby (~> 1.0)
    method_source (0.9.0)
    middleware (0.1.0)
    minitest (5.11.1)
    protobuf (3.8.1)
      activesupport (>= 3.2)
      middleware
      thor
      thread_safe
    pry (0.11.3)
      coderay (~> 1.1.0)
      method_source (~> 0.9.0)
    thor (0.20.0)
    thread_safe (0.3.6)
    tzinfo (1.2.4)
      thread_safe (~> 0.1)

PLATFORMS
  ruby

DEPENDENCIES
  dotenv
  gtfs-realtime-bindings
  pry

BUNDLED WITH
   1.16.1
